PATH
  remote: .
  specs:
    pitchfork (0.13.0)
      rack (>= 2.0)
      raindrops (~> 0.7)

GEM
  remote: https://rubygems.org/
  specs:
    ast (2.4.2)
    json (2.7.2)
    language_server-protocol (3.17.0.3)
    minitest (5.22.2)
    nio4r (2.7.0)
    parallel (1.24.0)
    parser (3.3.1.0)
      ast (~> 2.4.1)
      racc
    puma (6.4.2)
      nio4r (~> 2.0)
    racc (1.7.3)
    rack (3.0.10)
    rainbow (3.1.1)
    raindrops (0.20.1)
    rake (13.0.6)
    rake-compiler (1.2.1)
      rake
    regexp_parser (2.9.1)
    rexml (3.2.6)
    rubocop (1.63.5)
      json (~> 2.3)
      language_server-protocol (>= 3.17.0)
      parallel (~> 1.10)
      parser (>= 3.3.0.2)
      rainbow (>= 2.2.2, < 4.0)
      regexp_parser (>= 1.8, < 3.0)
      rexml (>= 3.2.5, < 4.0)
      rubocop-ast (>= 1.31.1, < 2.0)
      ruby-progressbar (~> 1.7)
      unicode-display_width (>= 2.4.0, < 3.0)
    rubocop-ast (1.31.3)
      parser (>= 3.3.1.0)
    ruby-progressbar (1.13.0)
    unicode-display_width (2.5.0)

PLATFORMS
  aarch64-linux
  arm64-darwin
  x86_64-linux

DEPENDENCIES
  minitest
  pitchfork!
  puma
  rake
  rake-compiler
  rubocop (~> 1.63.0)

BUNDLED WITH
   2.3.27
